PATH
  remote: ../../Code/tildeio/helix/ruby
  specs:
    helix_runtime (0.6.4)
      rake (>= 10.0)
      thor (~> 0.19.4)
      tomlrb (~> 1.2.4)

GEM
  remote: https://rubygems.org/
  specs:
    colorize (0.8.1)
    diff-lcs (1.3)
    rake (12.1.0)
    rspec (3.6.0)
      rspec-core (~> 3.6.0)
      rspec-expectations (~> 3.6.0)
      rspec-mocks (~> 3.6.0)
    rspec-core (3.6.0)
      rspec-support (~> 3.6.0)
    rspec-expectations (3.6.0)
      diff-lcs (>= 1.2.0, < 2.0)
      rspec-support (~> 3.6.0)
    rspec-mocks (3.6.0)
      diff-lcs (>= 1.2.0, < 2.0)
      rspec-support (~> 3.6.0)
    rspec-support (3.6.0)
    thor (0.19.4)
    tomlrb (1.2.4)

PLATFORMS
  ruby

DEPENDENCIES
  colorize
  helix_runtime!
  rake (~> 12.1)
  rspec (~> 3.6)

BUNDLED WITH
   1.15.3
